GEM
  remote: https://rubygems.org/
  specs:
    bacon (1.2.0)
    rack (1.6.4)
    rack-protection (1.5.3)
      rack
    rake (11.2.2)
    sequel (4.35.0)
    sinatra (1.4.7)
      rack (~> 1.5)
      rack-protection (~> 1.4)
      tilt (>= 1.3, < 3)
    sinatra-sequel (0.9.0)
      bacon
      sequel (>= 3.2.0)
      sinatra (>= 0.9.4)
    sqlite3 (1.3.11)
    tilt (2.0.5)

PLATFORMS
  ruby

DEPENDENCIES
  rake
  sinatra
  sinatra-sequel
  sqlite3

BUNDLED WITH
   1.12.4
